GEM
  remote: https://rubygems.org/
  specs:
    curb (0.9.4)
    httparty (0.15.6)
      multi_xml (>= 0.5.2)
    hue (0.2.0)
      curb
      json
      log_switch (= 0.4.0)
      thor
    json (2.1.0)
    log_switch (0.4.0)
    multi_xml (0.6.0)
    thor (0.20.0)

PLATFORMS
  ruby

DEPENDENCIES
  httparty
  hue

BUNDLED WITH
   1.15.4
